PATH
  remote: .
  specs:
    agilezen (0.2.0)
      faraday (~> 0.5.4)
      faraday_middleware (~> 0.3.0)
      hashie (~> 0.4.0)
      multi_json (~> 0.0.5)

GEM
  remote: http://rubygems.org/
  specs:
    addressable (2.2.8)
    builder (3.1.4)
    cucumber (1.2.1)
      builder (>= 2.1.2)
      diff-lcs (>= 1.1.3)
      gherkin (~> 2.11.0)
      json (>= 1.4.6)
    diff-lcs (1.1.3)
    fakeweb (1.3.0)
    faraday (0.5.7)
      addressable (~> 2.2.4)
      multipart-post (~> 1.1.0)
      rack (>= 1.1.0, < 2)
    faraday_middleware (0.3.2)
      faraday (~> 0.5.4)
    gherkin (2.11.5)
      json (>= 1.4.6)
    hashie (0.4.0)
    json (1.7.5)
    multi_json (0.0.5)
    multipart-post (1.1.5)
    rack (1.4.1)
    rake (0.8.7)
    rspec (2.5.0)
      rspec-core (~> 2.5.0)
      rspec-expectations (~> 2.5.0)
      rspec-mocks (~> 2.5.0)
    rspec-core (2.5.1)
    rspec-expectations (2.5.0)
      diff-lcs (~> 1.1.2)
    rspec-mocks (2.5.0)

PLATFORMS
  ruby

DEPENDENCIES
  agilezen!
  bundler (~> 1.0)
  cucumber (~> 1.2.1)
  fakeweb (~> 1.3.0)
  rake (~> 0.8)
  rspec (~> 2.5)
